PATH
  remote: .
  specs:
    CDbg (0.0.1)
      rainbow

GEM
  remote: https://rubygems.org/
  specs:
    byebug (11.1.3)
    rainbow (3.1.1)

PLATFORMS
  ruby
  x86_64-linux

DEPENDENCIES
  CDbg!
  bundler (~> 2.0)
  byebug
  rainbow

BUNDLED WITH
   2.4.22
